GEM
  remote: https://rubygems.org/
  specs:
    activemodel (4.2.5)
      activesupport (= 4.2.5)
      builder (~> 3.1)
    activerecord (4.2.5)
      activemodel (= 4.2.5)
      activesupport (= 4.2.5)
      arel (~> 6.0)
    activesupport (4.2.5)
      i18n (~> 0.7)
      json (~> 1.7, >= 1.7.7)
      minitest (~> 5.1)
      thread_safe (~> 0.3, >= 0.3.4)
      tzinfo (~> 1.1)
    arel (6.0.3)
    aws-sdk (2.2.0)
      aws-sdk-resources (= 2.2.0)
    aws-sdk-core (2.2.0)
      jmespath (~> 1.0)
    aws-sdk-resources (2.2.0)
      aws-sdk-core (= 2.2.0)
    bond (0.5.1)
    builder (3.2.2)
    byebug (9.0.6)
    celluloid (0.16.0)
      timers (~> 4.0.0)
    connection_pool (2.2.0)
    dotenv (2.0.2)
    hitimes (1.2.2)
    holidays (2.2.0)
    httparty (0.13.7)
      json (~> 1.8)
      multi_xml (>= 0.5.2)
    i18n (0.7.0)
    jmespath (1.1.3)
    json (1.8.3)
    marky_markov (0.3.5)
      msgpack
    minitest (5.8.2)
    msgpack (0.7.0)
    multi_xml (0.5.5)
    pg (0.18.4)
    rack (1.6.4)
    rack-protection (1.5.3)
      rack
    rack-test (0.6.3)
      rack (>= 1.0)
    rake (10.4.2)
    redis (3.2.1)
    redis-namespace (1.5.2)
      redis (~> 3.0, >= 3.0.4)
    ripl (0.7.1)
      bond (~> 0.5.1)
    ripl-multi_line (0.3.1)
      ripl (>= 0.3.6)
    ripl-rack (0.2.1)
      rack (>= 1.0)
      rack-test (~> 0.6.2)
      ripl (>= 0.7.0)
    sidekiq (3.3.4)
      celluloid (>= 0.16.0)
      connection_pool (>= 2.1.1)
      json
      redis (>= 3.0.6)
      redis-namespace (>= 1.3.1)
    sinatra (1.4.6)
      rack (~> 1.4)
      rack-protection (~> 1.4)
      tilt (>= 1.3, < 3)
    sinatra-activerecord (2.0.9)
      activerecord (>= 3.2)
      sinatra (~> 1.0)
    thread_safe (0.3.5)
    tilt (2.0.1)
    timers (4.0.1)
      hitimes
    tux (0.3.0)
      ripl (>= 0.3.5)
      ripl-multi_line (>= 0.2.4)
      ripl-rack (>= 0.2.0)
      sinatra (>= 1.2.1)
    tzinfo (1.2.2)
      thread_safe (~> 0.1)

PLATFORMS
  ruby

DEPENDENCIES
  activerecord (< 5.0.0)
  aws-sdk (~> 2)
  byebug
  dotenv
  holidays
  httparty
  json
  marky_markov
  pg
  rake
  sidekiq
  sinatra
  sinatra-activerecord
  tux

BUNDLED WITH
   1.15.0
